PATH
  remote: .
  specs:
    unisec (0.0.6)
      ctf-party (~> 3.0)
      dry-cli (~> 1.0)
      paint (~> 2.3)
      twitter_cldr (~> 6.11, >= 6.11.5)
      unicode-confusable (~> 1.9)

GEM
  remote: https://rubygems.org/
  specs:
    ast (2.4.2)
    camertron-eprun (1.1.1)
    cldr-plurals-runtime-rb (1.1.0)
    coderay (1.1.3)
    commonmarker (0.23.10)
    concurrent-ruby (1.2.3)
    ctf-party (3.0.0)
      docopt (~> 0.6)
      uri (>= 0.12.1, < 0.14.0)
    docopt (0.6.1)
    dry-cli (1.0.0)
    json (2.7.2)
    language_server-protocol (3.17.0.3)
    minitest (5.24.0)
    minitest-skip (0.0.3)
      minitest (~> 5.0)
    paint (2.3.0)
    parallel (1.24.0)
    parser (3.3.2.0)
      ast (~> 2.4.1)
      racc
    racc (1.8.0)
    rainbow (3.1.1)
    rake (13.2.1)
    regexp_parser (2.9.2)
    rexml (3.2.8)
      strscan (>= 3.0.9)
    rubocop (1.64.1)
      json (~> 2.3)
      language_server-protocol (>= 3.17.0)
      parallel (~> 1.10)
      parser (>= 3.3.0.2)
      rainbow (>= 2.2.2, < 4.0)
      regexp_parser (>= 1.8, < 3.0)
      rexml (>= 3.2.5, < 4.0)
      rubocop-ast (>= 1.31.1, < 2.0)
      ruby-progressbar (~> 1.7)
      unicode-display_width (>= 2.4.0, < 3.0)
    rubocop-ast (1.31.3)
      parser (>= 3.3.1.0)
    ruby-progressbar (1.13.0)
    strscan (3.1.0)
    twitter_cldr (6.12.1)
      camertron-eprun
      cldr-plurals-runtime-rb (~> 1.1)
      tzinfo
    tzinfo (2.0.6)
      concurrent-ruby (~> 1.0)
    unicode-confusable (1.10.0)
    unicode-display_width (2.5.0)
    uri (0.13.0)
    webrick (1.8.1)
    yard (0.9.36)
    yard-coderay (0.1.0)
      coderay
      yard

PLATFORMS
  x86_64-linux

DEPENDENCIES
  bundler (~> 2.1)
  commonmarker (~> 0.23)
  ctf-party (~> 3.0)
  dry-cli (~> 1.0)
  minitest (~> 5.24)
  minitest-skip (~> 0.0)
  paint (~> 2.3)
  rake (~> 13.2)
  rubocop (~> 1.64)
  twitter_cldr (~> 6.12)
  unicode-confusable (~> 1.10)
  unisec!
  webrick (~> 1.8, >= 1.8.1)
  yard (>= 0.9.27, < 0.10)
  yard-coderay (~> 0.1)

BUNDLED WITH
   2.5.6
